REDIRECTS: ON
FRAMEWORK: >= NET45
NUGET
  remote: https://www.nuget.org/api/v2
    AForge (2.2.5)
    AForge.Imaging (2.2.5)
      AForge (>= 2.2.5)
      AForge.Math (>= 2.2.5)
    AForge.Math (2.2.5)
      AForge (>= 2.2.5)
    Argu (3.2)
    AWSSDK.Core (3.1.9)
    AWSSDK.DynamoDBv2 (3.1.5.2)
      AWSSDK.Core (>= 3.1.9 < 3.2)
    AWSSDK.S3 (3.1.8.1)
      AWSSDK.Core (>= 3.1.9 < 3.2)
    AWSSDK.SQS (3.1.0.12)
      AWSSDK.Core (>= 3.1.9 < 3.2)
    DynamicInterop (0.7.4)
    FSharp.AWS.DynamoDB (0.4.1-beta)
      AWSSDK.DynamoDBv2 (>= 3.1.4)
      Unquote (>= 3.1.1)
    FSharp.Charting (0.90.14)
    FSharp.Control.AsyncSeq (2.0.8)
    FSharp.Core (4.0.0.1)
    FSharp.Data (2.3.1)
    FsPickler (2.1)
    FsPickler.Json (2.1)
      FsPickler (2.1)
      Newtonsoft.Json (>= 6.0.5)
    Google.DataTable.Net.Wrapper (3.1.2)
    Hyak.Common (1.1)
      Microsoft.Bcl (>= 1.1.9)
      Microsoft.Bcl.Async (>= 1.0.168)
      Microsoft.Bcl.Build (>= 1.0.14)
      Microsoft.Net.Http (>= 2.2.22)
      Newtonsoft.Json (>= 7.0.1)
    MathNet.Numerics (3.7.1)
    MathNet.Numerics.FSharp (3.7.1)
      FSharp.Core (>= 3.1.2.1)
      MathNet.Numerics (3.7.1)
    MathNet.Numerics.MKL.Win-x64 (1.8)
      MathNet.Numerics (>= 2.4)
    MBrace.AWS (0.1.8-alpha)
      Argu (>= 3.0 < 4.0)
      AWSSDK.DynamoDBv2 (>= 3.0 < 4.0)
      AWSSDK.S3 (>= 3.0 < 4.0)
      AWSSDK.SQS (>= 3.0 < 4.0)
      FSharp.AWS.DynamoDB (>= 0.0.0-prerelease)
      MBrace.Core (>= 1.3 < 1.4)
      MBrace.Runtime (>= 1.3 < 1.4)
    MBrace.Azure (1.4.1)
      Argu (>= 3.0 < 4.0)
      MBrace.Core (>= 1.3 < 1.4)
      MBrace.Runtime (>= 1.3 < 1.4)
      System.Reflection.Metadata
      WindowsAzure.ServiceBus (>= 3.0 < 4.0)
      WindowsAzure.Storage (>= 7.0 < 8.0)
    MBrace.Azure.Management (1.4.1)
      MBrace.Azure (>= 1.4.1)
      MBrace.Core (>= 1.3 < 1.4)
      MBrace.Runtime (>= 1.3 < 1.4)
      Microsoft.Bcl.Async (>= 1.0 < 2.0)
      Microsoft.WindowsAzure.Management.Libraries (>= 2.0 < 3.0)
      Microsoft.WindowsAzure.Management.ServiceBus (>= 0.18.0-prerelease < 1.0.0-prerelease)
      WindowsAzure.ServiceBus (>= 3.0 < 4.0)
      WindowsAzure.Storage (>= 7.0 < 8.0)
    MBrace.Core (1.3.1)
    MBrace.CSharp (1.3.1-alpha)
      FSharp.Core (>= 3.0)
      MBrace.Core (1.3.1)
      MBrace.Flow (1.3.1)
      Streams (>= 0.4 < 0.5)
    MBrace.Flow (1.3.1)
      FSharp.Core (>= 3.0)
      MBrace.Core (1.3.1)
      Streams (>= 0.4 < 0.5)
    MBrace.Runtime (1.3.1)
      FsPickler (>= 2.1 < 2.2)
      FsPickler.Json (>= 2.1 < 2.2)
      MBrace.Core (1.3.1)
      Vagabond (>= 0.13.1 < 0.14)
    MBrace.Thespian (1.3.1)
      Argu (>= 3.0 < 4.0)
      FsPickler (>= 2.1 < 2.2)
      MBrace.Core (1.3.1)
      MBrace.Runtime (1.3.1)
      Thespian (>= 0.1.11-alpha < 0.2.0-alpha)
      Vagabond (>= 0.13.1 < 0.14)
    Microsoft.Azure.Common (2.1)
      Hyak.Common (>= 1.0.2)
      Microsoft.Azure.Common.Dependencies (>= 1.0)
    Microsoft.Azure.Common.Dependencies (1.0)
      Microsoft.Bcl (>= 1.1.9)
      Microsoft.Bcl.Async (>= 1.0.168)
      Microsoft.Bcl.Build (>= 1.0.14)
      Microsoft.Net.Http (>= 2.2.22)
      Newtonsoft.Json (>= 6.0.4)
    Microsoft.Azure.KeyVault.Core (1.0)
    Microsoft.Bcl (1.1.10)
      Microsoft.Bcl.Build (>= 1.0.14)
    Microsoft.Bcl.Async (1.0.168)
      Microsoft.Bcl (>= 1.1.8)
    Microsoft.Bcl.Build (1.0.21) - import_targets: false
    Microsoft.Data.Edm (5.7)
    Microsoft.Data.OData (5.7)
      Microsoft.Data.Edm (5.7)
      System.Spatial (5.7)
    Microsoft.Data.Services.Client (5.7)
      Microsoft.Data.OData (5.7)
    Microsoft.Net.Http (2.2.29)
      Microsoft.Bcl (>= 1.1.10)
      Microsoft.Bcl.Build (>= 1.0.14)
    Microsoft.Owin (3.0.1) - version_in_path: true
      Owin (>= 1.0)
    Microsoft.Owin.Host.SystemWeb (3.0.1)
      Microsoft.Owin (>= 3.0.1)
      Owin (>= 1.0)
    Microsoft.WindowsAzure.Common (1.4.1)
      Microsoft.WindowsAzure.Common.Dependencies (>= 1.1.1)
    Microsoft.WindowsAzure.Common.Dependencies (1.1.1)
      Microsoft.Bcl (>= 1.1.9)
      Microsoft.Bcl.Async (>= 1.0.168)
      Microsoft.Bcl.Build (>= 1.0.14)
      Microsoft.Net.Http (>= 2.2.22)
      Newtonsoft.Json (>= 6.0.4)
    Microsoft.WindowsAzure.Management (4.1.1)
      Microsoft.Azure.Common (>= 2.0.4 < 3.0)
    Microsoft.WindowsAzure.Management.Compute (13.0)
      Microsoft.Azure.Common (>= 2.0.4 < 3.0)
    Microsoft.WindowsAzure.Management.Libraries (2.0)
      Microsoft.WindowsAzure.Common (>= 1.3 < 2.0)
      Microsoft.WindowsAzure.Management (>= 2.0)
      Microsoft.WindowsAzure.Management.Compute (>= 5.0)
      Microsoft.WindowsAzure.Management.MediaServices (>= 2.0)
      Microsoft.WindowsAzure.Management.Monitoring (>= 1.0)
      Microsoft.WindowsAzure.Management.Network (>= 3.0)
      Microsoft.WindowsAzure.Management.Scheduler (>= 3.0)
      Microsoft.WindowsAzure.Management.Sql (>= 3.0)
      Microsoft.WindowsAzure.Management.Storage (>= 3.0)
      Microsoft.WindowsAzure.Management.WebSites (>= 3.0)
    Microsoft.WindowsAzure.Management.MediaServices (4.1)
      Microsoft.Azure.Common (>= 2.0.1 < 3.0)
    Microsoft.WindowsAzure.Management.Monitoring (4.1)
      Microsoft.Azure.Common (>= 2.0.1 < 3.0)
    Microsoft.WindowsAzure.Management.Network (7.1.3)
      Microsoft.Azure.Common (>= 2.1 < 3.0)
    Microsoft.WindowsAzure.Management.Scheduler (6.2)
      Microsoft.Azure.Common (>= 2.0.4 < 3.0)
    Microsoft.WindowsAzure.Management.ServiceBus (0.19.0-preview)
      Microsoft.Azure.Common (>= 2.0.4 < 3.0)
    Microsoft.WindowsAzure.Management.Sql (5.2)
      Microsoft.Azure.Common (>= 2.0.4 < 3.0)
    Microsoft.WindowsAzure.Management.Storage (6.0.1)
      Microsoft.Azure.Common (>= 2.0.4 < 3.0)
    Microsoft.WindowsAzure.Management.WebSites (4.0)
      Microsoft.WindowsAzure.Common (>= 1.3 < 2.0)
    Mono.Cecil (0.9.6.3)
    Newtonsoft.Json (9.0.1)
    Owin (1.0) - version_in_path: true
    R.NET.Community (1.6.5)
      DynamicInterop (0.7.4)
    R.NET.Community.FSharp (1.6.5)
      R.NET.Community (>= 1.6.5)
    RProvider (1.1.20)
      DynamicInterop (0.7.4)
      R.NET.Community (1.6.5)
      R.NET.Community.FSharp (1.6.5)
    Streams (0.4.1)
    Suave (1.1.3)
      FSharp.Core (>= 3.1.2.5)
    System.Collections.Immutable (1.2)
    System.Reflection.Metadata (1.3)
      System.Collections.Immutable (>= 1.2)
    System.Runtime.Loader (4.0)
    System.Spatial (5.7)
    Thespian (0.1.11-alpha)
      FsPickler (>= 2.1 < 3.0)
    Unquote (3.1.1)
    Vagabond (0.13.1)
      FsPickler (>= 2.1 < 2.2)
      Mono.Cecil (>= 0.9.6.3 < 0.9.7)
    WindowsAzure.ServiceBus (3.3.1)
    WindowsAzure.Storage (7.1.2)
      Microsoft.Azure.KeyVault.Core (>= 1.0)
      Microsoft.Data.OData (>= 5.6.4)
      Microsoft.Data.Services.Client (>= 5.6.4)
      Newtonsoft.Json (>= 6.0.8)
    XPlot.GoogleCharts (1.3.1)
      Google.DataTable.Net.Wrapper
      Newtonsoft.Json
    XPlot.GoogleCharts.WPF (1.3.1)
      XPlot.GoogleCharts (>= 1.3.1)
GITHUB
  remote: fslaborg/FSharp.Charting
    docs/content/EventEx-0.1.fsx (c72fe8a17f6609254dea1eff49f186a72f0d874f)