NUGET
  remote: https://www.nuget.org/api/v2
  specs:
    FsPickler (1.0.13)
    MBrace.Azure (0.6.4-alpha)
      FsPickler (>= 1.0.13)
      MBrace.Core (0.9.5-alpha)
      MBrace.Runtime.Core (0.9.5-alpha)
      Microsoft.Data.Edm (5.6.3)
      Microsoft.Data.OData (5.6.3)
      Microsoft.Data.Services.Client (5.6.3)
      Microsoft.WindowsAzure.ConfigurationManager (2.0.3)
      Newtonsoft.Json (6.0.6)
      System.Spatial (5.6.3)
      WindowsAzure.ServiceBus (2.5.2.0)
      WindowsAzure.Storage (4.3.0)
    MBrace.Azure.Client (0.6.4-alpha)
    MBrace.Core (0.9.5-alpha)
    MBrace.Runtime.Core (0.9.5-alpha)
      FsPickler (>= 1.0.13)
      MBrace.Core (0.9.5-alpha)
      Unquote (>= 2.2.2)
      Vagabond (>= 0.3.2)
    Microsoft.Data.Edm (5.6.3)
    Microsoft.Data.OData (5.6.3)
      Microsoft.Data.Edm (5.6.3)
      System.Spatial (5.6.3)
    Microsoft.Data.Services.Client (5.6.3)
      Microsoft.Data.OData (5.6.3)
    Microsoft.WindowsAzure.ConfigurationManager (2.0.3)
    Newtonsoft.Json (6.0.6)
    NuGet.CommandLine (2.8.3)
    System.Spatial (5.6.3)
    Unquote (2.2.2)
    Vagabond (0.3.2)
      FsPickler (>= 1.0.8)
    WindowsAzure.ServiceBus (2.5.2.0)
      Microsoft.WindowsAzure.ConfigurationManager
    WindowsAzure.Storage (4.3.0)
      Microsoft.Data.OData (>= 5.6.2)
      Microsoft.Data.Services.Client (>= 5.6.2) - framework: >= net40
      Microsoft.WindowsAzure.ConfigurationManager (>= 1.8.0.0) - framework: >= net40
      Newtonsoft.Json (>= 5.0.8) - framework: wpv8.0, >= net40
